PATH
  remote: .
  specs:
    active_container (0.0.1)
      activesupport

GEM
  remote: https://www.rubygems.org/
  specs:
    activesupport (4.2.6)
      i18n (~> 0.7)
      json (~> 1.7, >= 1.7.7)
      minitest (~> 5.1)
      thread_safe (~> 0.3, >= 0.3.4)
      tzinfo (~> 1.1)
    cane (3.0.0)
      parallel
    diff-lcs (1.2.5)
    gems (0.8.3)
    i18n (0.7.0)
    json (1.8.3)
    minitest (5.9.0)
    parallel (1.9.0)
    rake (11.2.2)
    rake_tasks (4.1.0)
    rspec (3.5.0)
      rspec-core (~> 3.5.0)
      rspec-expectations (~> 3.5.0)
      rspec-mocks (~> 3.5.0)
    rspec-core (3.5.1)
      rspec-support (~> 3.5.0)
    rspec-expectations (3.5.0)
      diff-lcs (>= 1.2.0, < 2.0)
      rspec-support (~> 3.5.0)
    rspec-mocks (3.5.0)
      diff-lcs (>= 1.2.0, < 2.0)
      rspec-support (~> 3.5.0)
    rspec-support (3.5.0)
    strong_struct (0.0.1)
    thread_safe (0.3.5)
    tzinfo (1.2.2)
      thread_safe (~> 0.1)

PLATFORMS
  ruby

DEPENDENCIES
  active_container!
  cane
  gems
  rake
  rake_tasks
  rspec
  strong_struct

BUNDLED WITH
   1.12.5
